GIT
  remote: https://github.com/jamiepinkham/houston
  revision: 7966fb594440e9c95a46f46454315355b9cee63a
  specs:
    houston (2.2.3)
      commander (~> 4.1)
      json

GEM
  remote: https://rubygems.org/
  specs:
    commander (4.4.0)
      highline (~> 1.7.2)
    highline (1.7.8)
    httparty (0.13.7)
      json (~> 1.8)
      multi_xml (>= 0.5.2)
    json (1.8.3)
    multi_xml (0.5.5)
    rack (1.6.4)
    rack-protection (1.5.3)
      rack
    sinatra (1.4.7)
      rack (~> 1.5)
      rack-protection (~> 1.4)
      tilt (>= 1.3, < 3)
    tilt (2.0.2)

PLATFORMS
  ruby

DEPENDENCIES
  houston!
  httparty
  sinatra

BUNDLED WITH
   1.12.5
